GEM
  remote: https://rubygems.org/
  specs:
    actionmailer (3.2.12)
      actionpack (= 3.2.12)
      mail (~> 2.4.4)
    actionpack (3.2.12)
      activemodel (= 3.2.12)
      activesupport (= 3.2.12)
      builder (~> 3.0.0)
      erubis (~> 2.7.0)
      journey (~> 1.0.4)
      rack (~> 1.4.5)
      rack-cache (~> 1.2)
      rack-test (~> 0.6.1)
      sprockets (~> 2.2.1)
    activemodel (3.2.12)
      activesupport (= 3.2.12)
      builder (~> 3.0.0)
    activerecord (3.2.12)
      activemodel (= 3.2.12)
      activesupport (= 3.2.12)
      arel (~> 3.0.2)
      tzinfo (~> 0.3.29)
    activeresource (3.2.12)
      activemodel (= 3.2.12)
      activesupport (= 3.2.12)
    activesupport (3.2.12)
      i18n (~> 0.6)
      multi_json (~> 1.0)
<<<<<<< HEAD
    addressable (2.3.3)
=======
>>>>>>> 36a2f3959683644bcb532aad8e692ce805cf3d76
    arel (3.0.2)
    bcrypt-ruby (3.0.1)
    bootstrap-sass (2.3.1.0)
      sass (~> 3.2)
    builder (3.0.4)
<<<<<<< HEAD
    capybara (2.0.3)
      mime-types (>= 1.16)
      nokogiri (>= 1.3.3)
      rack (>= 1.0.0)
      rack-test (>= 0.5.4)
      selenium-webdriver (~> 2.0)
      xpath (~> 1.0.0)
    childprocess (0.3.9)
      ffi (~> 1.0, >= 1.0.11)
    coderay (1.0.9)
=======
>>>>>>> 36a2f3959683644bcb532aad8e692ce805cf3d76
    coffee-rails (3.2.2)
      coffee-script (>= 2.2.0)
      railties (~> 3.2.0)
    coffee-script (2.2.0)
      coffee-script-source
      execjs
    coffee-script-source (1.6.2)
<<<<<<< HEAD
    database_cleaner (0.9.1)
=======
>>>>>>> 36a2f3959683644bcb532aad8e692ce805cf3d76
    devise (2.2.3)
      bcrypt-ruby (~> 3.0)
      orm_adapter (~> 0.1)
      railties (~> 3.1)
      warden (~> 1.2.1)
<<<<<<< HEAD
    diff-lcs (1.2.2)
    erubis (2.7.0)
    execjs (1.4.0)
      multi_json (~> 1.0)
    factory_girl (4.2.0)
      activesupport (>= 3.0.0)
    factory_girl_rails (4.2.1)
      factory_girl (~> 4.2.0)
      railties (>= 3.0.0)
    faker (1.1.2)
      i18n (~> 0.5)
    ffi (1.6.0)
    formatador (0.2.4)
    guard (1.7.0)
      formatador (>= 0.2.4)
      listen (>= 0.6.0)
      lumberjack (>= 1.0.2)
      pry (>= 0.9.10)
      thor (>= 0.14.6)
    guard-rspec (2.5.2)
      guard (>= 1.1)
      rspec (~> 2.11)
=======
    erubis (2.7.0)
    execjs (1.4.0)
      multi_json (~> 1.0)
>>>>>>> 36a2f3959683644bcb532aad8e692ce805cf3d76
    haml (4.0.1)
      tilt
    haml-rails (0.4)
      actionpack (>= 3.1, < 4.1)
      activesupport (>= 3.1, < 4.1)
      haml (>= 3.1, < 4.1)
      railties (>= 3.1, < 4.1)
    hike (1.2.1)
    i18n (0.6.4)
    journey (1.0.4)
    jquery-rails (2.2.1)
      railties (>= 3.0, < 5.0)
      thor (>= 0.14, < 2.0)
    json (1.7.7)
<<<<<<< HEAD
    launchy (2.2.0)
      addressable (~> 2.3)
    listen (0.7.3)
    lumberjack (1.0.3)
=======
>>>>>>> 36a2f3959683644bcb532aad8e692ce805cf3d76
    mail (2.4.4)
      i18n (>= 0.4.0)
      mime-types (~> 1.16)
      treetop (~> 1.4.8)
<<<<<<< HEAD
    method_source (0.8.1)
    mime-types (1.21)
    multi_json (1.7.2)
    nested_form (0.3.1)
    nokogiri (1.5.9)
=======
    mime-types (1.22)
    multi_json (1.7.2)
    nested_form (0.3.1)
>>>>>>> 36a2f3959683644bcb532aad8e692ce805cf3d76
    orm_adapter (0.4.0)
    pg (0.15.0)
    polyglot (0.3.3)
    powder (0.2.0)
      thor (>= 0.11.5)
<<<<<<< HEAD
    pry (0.9.12)
      coderay (~> 1.0.5)
      method_source (~> 0.8)
      slop (~> 3.4)
=======
>>>>>>> 36a2f3959683644bcb532aad8e692ce805cf3d76
    rack (1.4.5)
    rack-cache (1.2)
      rack (>= 0.4)
    rack-ssl (1.3.3)
      rack
    rack-test (0.6.2)
      rack (>= 1.0)
    rails (3.2.12)
      actionmailer (= 3.2.12)
      actionpack (= 3.2.12)
      activerecord (= 3.2.12)
      activeresource (= 3.2.12)
      activesupport (= 3.2.12)
      bundler (~> 1.0)
      railties (= 3.2.12)
    railties (3.2.12)
      actionpack (= 3.2.12)
      activesupport (= 3.2.12)
      rack-ssl (~> 1.3.2)
      rake (>= 0.8.7)
      rdoc (~> 3.4)
      thor (>= 0.14.6, < 2.0)
    rake (10.0.4)
    rdoc (3.12.2)
      json (~> 1.4)
<<<<<<< HEAD
    rspec (2.13.0)
      rspec-core (~> 2.13.0)
      rspec-expectations (~> 2.13.0)
      rspec-mocks (~> 2.13.0)
    rspec-core (2.13.1)
    rspec-expectations (2.13.0)
      diff-lcs (>= 1.1.3, < 2.0)
    rspec-mocks (2.13.1)
    rspec-rails (2.13.0)
      actionpack (>= 3.0)
      activesupport (>= 3.0)
      railties (>= 3.0)
      rspec-core (~> 2.13.0)
      rspec-expectations (~> 2.13.0)
      rspec-mocks (~> 2.13.0)
    rubyzip (0.9.9)
=======
>>>>>>> 36a2f3959683644bcb532aad8e692ce805cf3d76
    sass (3.2.7)
    sass-rails (3.2.6)
      railties (~> 3.2.0)
      sass (>= 3.1.10)
      tilt (~> 1.3)
<<<<<<< HEAD
    selenium-webdriver (2.31.0)
      childprocess (>= 0.2.5)
      multi_json (~> 1.0)
      rubyzip
      websocket (~> 1.0.4)
    shoulda-matchers (2.0.0)
      activesupport (>= 3.0.0)
    simple_form (2.1.0)
      actionpack (~> 3.0)
      activemodel (~> 3.0)
    slop (3.4.4)
=======
    simple_form (2.1.0)
      actionpack (~> 3.0)
      activemodel (~> 3.0)
>>>>>>> 36a2f3959683644bcb532aad8e692ce805cf3d76
    sprockets (2.2.2)
      hike (~> 1.2)
      multi_json (~> 1.0)
      rack (~> 1.0)
      tilt (~> 1.1, != 1.3.0)
<<<<<<< HEAD
    thor (0.18.0)
=======
    thor (0.18.1)
>>>>>>> 36a2f3959683644bcb532aad8e692ce805cf3d76
    tilt (1.3.6)
    treetop (1.4.12)
      polyglot
      polyglot (>= 0.3.1)
    tzinfo (0.3.37)
    uglifier (1.3.0)
      execjs (>= 0.3.0)
      multi_json (~> 1.0, >= 1.0.2)
    warden (1.2.1)
      rack (>= 1.0)
<<<<<<< HEAD
    websocket (1.0.7)
    xpath (1.0.0)
      nokogiri (~> 1.3)
=======
>>>>>>> 36a2f3959683644bcb532aad8e692ce805cf3d76

PLATFORMS
  ruby

DEPENDENCIES
  bootstrap-sass
<<<<<<< HEAD
  capybara
  coffee-rails (~> 3.2.1)
  database_cleaner
  devise
  factory_girl_rails
  faker
  guard-rspec
  haml-rails
  jquery-rails
  launchy
=======
  coffee-rails (~> 3.2.1)
  devise
  haml-rails
  jquery-rails
>>>>>>> 36a2f3959683644bcb532aad8e692ce805cf3d76
  nested_form
  pg
  powder
  rails (= 3.2.12)
<<<<<<< HEAD
  rspec-rails
  sass-rails (~> 3.2.3)
  shoulda-matchers
=======
  sass-rails (~> 3.2.3)
>>>>>>> 36a2f3959683644bcb532aad8e692ce805cf3d76
  simple_form
  uglifier (>= 1.0.3)
